GEM
  remote: https://rubygems.org/
  specs:
    breakpoint (1.3)
      compass (>= 0.12.1)
      sass (>= 3.2.0)
    chunky_png (1.2.6)
    color-schemer (0.1.3)
      compass (~> 0.11)
    compass (0.12.2)
      chunky_png (~> 1.2)
      fssm (>= 0.2.7)
      sass (~> 3.1)
    compass-normalize (1.4.1)
      compass (>= 0.11.5)
    compass-recipes (0.3.0)
      compass (>= 0.12.2)
      compass-normalize (>= 1.3)
      sass (>= 3.2.1)
    fssm (0.2.9)
    modular-scale (1.0.2)
      compass (>= 0.11.5)
      sassy-math (>= 1.2)
    sass (3.2.3)
    sassy-buttons (0.1.4)
      compass (>= 0.12.2)
      sass (>= 3.2.0)
    sassy-math (1.2)
      compass (~> 0.11)
    survivalkit (1.0.beta.8)
      breakpoint (>= 1.2)
      color-schemer (>= 0.1)
      compass (>= 0.12.2)
      modular-scale (>= 1.0)
      susy (>= 1.0)
    susy (1.0.4)
      compass (>= 0.12.2)
      sass (>= 3.2.0)

PLATFORMS
  ruby

DEPENDENCIES
  breakpoint (>= 1)
  compass (>= 0.12.2)
  compass-recipes
  sassy-buttons (>= 0.1.4)
  survivalkit (>= 1.0.beta.8)
  susy (>= 1)
